GEM
  remote: https://rubygems.org/
  specs:
    bundler-audit (0.6.1)
      bundler (>= 1.2.0, < 3)
      thor (~> 0.18)
    thor (0.20.3)

PLATFORMS
  ruby
  x86_64-linux

DEPENDENCIES
  bundler-audit (= 0.6.1)!

BUNDLED WITH
   1.17.2
